PATH
  remote: .
  specs:
    bitcoin-ruby (0.0.20)
      eventmachine
      ffi
      scrypt

GEM
  remote: https://rubygems.org/
  specs:
    ast (2.4.0)
    bacon (1.2.0)
    byebug (10.0.2)
    coderay (1.1.2)
    diff-lcs (1.3)
    docile (1.3.1)
    eventmachine (1.2.7)
    ffi (1.9.25)
    ffi-compiler (1.0.1)
      ffi (>= 1.0.0)
      rake
    jaro_winkler (1.5.1)
    json (2.3.1)
    method_source (0.9.0)
    minitest (5.11.3)
    parallel (1.12.1)
    parser (2.5.1.2)
      ast (~> 2.4.0)
    powerpack (0.1.2)
    pry (0.11.3)
      coderay (~> 1.1.0)
      method_source (~> 0.9.0)
    pry-byebug (3.6.0)
      byebug (~> 10.0)
      pry (~> 0.10)
    rainbow (3.0.0)
    rake (12.3.1)
    rspec (3.7.0)
      rspec-core (~> 3.7.0)
      rspec-expectations (~> 3.7.0)
      rspec-mocks (~> 3.7.0)
    rspec-core (3.7.1)
      rspec-support (~> 3.7.0)
    rspec-expectations (3.7.0)
      diff-lcs (>= 1.2.0, < 2.0)
      rspec-support (~> 3.7.0)
    rspec-mocks (3.7.0)
      diff-lcs (>= 1.2.0, < 2.0)
      rspec-support (~> 3.7.0)
    rspec-support (3.7.1)
    rubocop (0.58.2)
      jaro_winkler (~> 1.5.1)
      parallel (~> 1.10)
      parser (>= 2.5, != 2.5.1.1)
      powerpack (~> 0.1)
      rainbow (>= 2.2.2, < 4.0)
      ruby-progressbar (~> 1.7)
      unicode-display_width (~> 1.0, >= 1.0.1)
    ruby-progressbar (1.9.0)
    scrypt (3.0.5)
      ffi-compiler (>= 1.0, < 2.0)
    simplecov (0.16.1)
      docile (~> 1.1)
      json (>= 1.8, < 3)
      simplecov-html (~> 0.10.0)
    simplecov-html (0.10.2)
    unicode-display_width (1.4.0)

PLATFORMS
  ruby

DEPENDENCIES
  bacon (~> 1.2.0)
  bitcoin-ruby!
  minitest (~> 5.11.3)
  pry (~> 0.11.3)
  pry-byebug (~> 3.6.0)
  rake (~> 12.3.1)
  rspec (~> 3.7.0)
  rubocop (~> 0.58.2)
  simplecov (~> 0.16.1)

BUNDLED WITH
   1.17.3
