PATH
  remote: .
  specs:
    bitcoin-ruby (0.0.8)

GEM
  remote: http://rubygems.org/
  specs:
    bacon (1.2.0)
    eventmachine (1.0.8)
    ffi (1.9.10)
    ffi-compiler (0.1.3)
      ffi (>= 1.0.0)
      rake
    minitest (5.8.1)
    rake (10.4.2)
    scrypt (2.0.2)
      ffi-compiler (>= 0.0.2)
      rake

PLATFORMS
  ruby

DEPENDENCIES
  bacon (>= 1.2.0)
  bitcoin-ruby!
  eventmachine
  ffi
  minitest
  rake (>= 0.8.0)
  scrypt

BUNDLED WITH
   1.10.6
